GIT
  remote: git://github.com/guilleiguaran/fakeredis.git
  revision: 534517a139b129e29366302e8c75232e6b9d2754
  specs:
    fakeredis (0.4.1)
      redis (~> 3.0.0)

PATH
  remote: .
  specs:
    trifle (0.0.8)
      redis (>= 3.0.0)

GEM
  remote: http://rubygems.org/
  specs:
    active_support (3.0.0)
      activesupport (= 3.0.0)
    activesupport (3.0.0)
    diff-lcs (1.1.3)
    rake (0.9.2.2)
    redis (3.0.1)
    rspec (2.10.0)
      rspec-core (~> 2.10.0)
      rspec-expectations (~> 2.10.0)
      rspec-mocks (~> 2.10.0)
    rspec-core (2.10.1)
    rspec-expectations (2.10.0)
      diff-lcs (~> 1.1.3)
    rspec-mocks (2.10.1)

PLATFORMS
  ruby

DEPENDENCIES
  active_support
  fakeredis!
  rake
  rspec
  trifle!
